GEM
  remote: https://rubygems.org/
  specs:
    emot (0.0.3)
      thor
    thor (0.19.1)

PLATFORMS
  ruby

DEPENDENCIES
  emot
